PATH
  remote: .
  specs:
    taggata (0.0.1)
      sequel (~> 4.22.0, >= 4.22.0)
      sqlite3 (~> 1.3.10, >= 1.3.10)

GEM
  remote: https://rubygems.org/
  specs:
    ansi (1.5.0)
    builder (3.2.2)
    metaclass (0.0.4)
    minitest (5.6.1)
    minitest-reporters (1.0.16)
      ansi
      builder
      minitest (>= 5.0)
      ruby-progressbar
    mocha (1.1.0)
      metaclass (~> 0.0.1)
    rake (10.4.2)
    ruby-progressbar (1.7.5)
    sequel (4.22.0)
    sqlite3 (1.3.10)

PLATFORMS
  ruby

DEPENDENCIES
  bundler (~> 1.7)
  minitest (~> 5.6.1, >= 5.6.1)
  minitest-reporters (~> 1.0.16, >= 1.0.16)
  mocha (~> 1.1, >= 1.1.0)
  rake (~> 10.0)
  taggata!
